NUGET
  remote: http://nuget.org/api/v2
  specs:
    Aether (8.0.2)
    FParsec (1.0.2)

GROUP Benchmark
NUGET
  remote: http://nuget.org/api/v2
  specs:
    BenchmarkDotNet (0.8.1)
    Newtonsoft.Json (8.0.1)

GROUP Build
NUGET
  remote: http://nuget.org/api/v2
  specs:
    FAKE (4.10.5)

GROUP Test
FRAMEWORK: >= NET45
NUGET
  remote: http://nuget.org/api/v2
  specs:
    FsCheck (2.2.3)
      FSharp.Core (>= 3.1.2.5)
    FsCheck.Xunit (2.2.3)
      FsCheck (>= 2.2.3)
      xunit.extensibility.execution (>= 2.1.0 < 2.2.0)
    FSharp.Core (4.0.0.1)
    Unquote (3.1.0)
    xunit (2.1.0)
      xunit.assert (2.1.0)
      xunit.core (2.1.0)
    xunit.abstractions (2.0.0)
    xunit.assert (2.1.0)
    xunit.core (2.1.0)
      xunit.extensibility.core (2.1.0)
      xunit.extensibility.execution (2.1.0)
    xunit.extensibility.core (2.1.0)
      xunit.abstractions (2.0.0)
    xunit.extensibility.execution (2.1.0)
      xunit.extensibility.core (2.1.0)
    xunit.runner.console (2.1.0)
